STORAGE: NONE
RESTRICTION: || (== netcoreapp3.1) (== netstandard2.0) (== netstandard2.1)
NUGET
  remote: https://api.nuget.org/v3/index.json
    Fable.Browser.Blob (1.1)
      Fable.Core (>= 3.0)
      FSharp.Core (>= 4.6.2)
    Fable.Browser.Dom (1.1)
      Fable.Browser.Blob (>= 1.1)
      Fable.Browser.Event (>= 1.0)
      Fable.Browser.WebStorage (>= 1.0)
      Fable.Core (>= 3.0)
      FSharp.Core (>= 4.6.2)
    Fable.Browser.Event (1.0)
      Fable.Core (>= 3.0)
      FSharp.Core (>= 4.5.2)
    Fable.Browser.WebStorage (1.0)
      Fable.Browser.Event (>= 1.0)
      Fable.Core (>= 3.0)
      FSharp.Core (>= 4.5.2)
    Fable.Core (3.1.5)
      FSharp.Core (>= 4.7)
    Fable.Elmish (3.0.6)
      Fable.Core (>= 3.0)
      FSharp.Core (>= 4.6.2)
    Fable.Promise (2.1)
      Fable.Core (>= 3.1.5)
      FSharp.Core (>= 4.7)
    Fable.React (6.2)
      Fable.Browser.Dom (>= 1.0)
      Fable.Core (>= 3.1.5)
      FSharp.Core (>= 4.7)
    FAKE (5.16)
    Feliz (0.81)
      Fable.Core (>= 3.1.5)
      Fable.React (>= 6.0)
      FSharp.Core (>= 4.7)
    Feliz.Bulma (2.1)
      Feliz (>= 0.68.2)
      FSharp.Core (>= 4.7)
    Feliz.Bulma.ViewEngine (0.2)
      Feliz.ViewEngine (>= 0.18)
      FSharp.Core (>= 4.7)
    Feliz.ElmishComponents (0.6)
      Fable.Elmish (>= 3.0.6)
      Fable.Promise (>= 2.0)
      Feliz (>= 0.78)
      FSharp.Core (>= 4.7)
    Feliz.ViewEngine (0.19)
      FSharp.Core (>= 4.7)
    FSharp.Core (4.7.1)
    FSharp.Data (3.3.3)
      FSharp.Core (>= 4.3.4)
    FSharpPlus (1.1)
      FSharp.Core (>= 4.6.2)
